PATH
  remote: .
  specs:
    tack (1.3.6)
      facter
      forkoff

GEM
  remote: http://rubygems.org/
  specs:
    diff-lcs (1.1.2)
    facter (1.5.9)
    forkoff (1.1.1)
    machinist (1.0.6)
    mocha (0.9.10)
      rake
    rake (13.0.6)
    rspec (2.6.0)
      rspec-core (~> 2.6.0)
      rspec-expectations (~> 2.6.0)
      rspec-mocks (~> 2.6.0)
    rspec-core (2.6.3)
    rspec-expectations (2.6.0)
      diff-lcs (~> 1.1.2)
    rspec-mocks (2.6.0)
    shoulda (2.11.3)
    test-construct (1.2.0)

PLATFORMS
  ruby

DEPENDENCIES
  machinist
  mocha
  rake
  rspec
  shoulda
  tack!
  test-construct
