PATH
  remote: .
  specs:
    tack (0.0.1)

GEM
  specs:
    diff-lcs (1.1.2)
    machinist (1.0.6)
    mocha (0.9.10)
      rake
    rake (0.8.7)
    rspec (2.6.0)
      rspec-core (~> 2.6.0)
      rspec-expectations (~> 2.6.0)
      rspec-mocks (~> 2.6.0)
    rspec-core (2.6.3)
    rspec-expectations (2.6.0)
      diff-lcs (~> 1.1.2)
    rspec-mocks (2.6.0)
    shoulda (2.11.3)
    test-construct (1.2.0)

PLATFORMS
  ruby

DEPENDENCIES
  machinist
  mocha
  rspec
  shoulda
  tack!
  test-construct
