GEM
  remote: http://rubygems.org/
  specs:
    columnize (0.3.1)
    linecache (0.43)
    machinist (1.0.6)
    mocha (0.9.8)
      rake
    rake (0.8.7)
    rspec (1.3.1)
    ruby-debug (0.10.3)
      columnize (>= 0.1)
      ruby-debug-base (~> 0.10.3.0)
    ruby-debug-base (0.10.3)
      linecache (>= 0.3)
    shoulda (2.11.3)
    test-construct (1.2.0)

PLATFORMS
  ruby

DEPENDENCIES
  machinist
  mocha
  rspec
  ruby-debug
  shoulda
  test-construct
