GEM
  remote: http://rubygems.org/
  specs:
    columnize (0.3.1)
    diff-lcs (1.1.2)
    linecache (0.43)
    machinist (1.0.6)
    mocha (0.9.8)
      rake
    rake (0.8.7)
    rspec (2.0.1)
      rspec-core (~> 2.0.1)
      rspec-expectations (~> 2.0.1)
      rspec-mocks (~> 2.0.1)
    rspec-core (2.0.1)
    rspec-expectations (2.0.1)
      diff-lcs (>= 1.1.2)
    rspec-mocks (2.0.1)
      rspec-core (~> 2.0.1)
      rspec-expectations (~> 2.0.1)
    ruby-debug (0.10.3)
      columnize (>= 0.1)
      ruby-debug-base (~> 0.10.3.0)
    ruby-debug-base (0.10.3)
      linecache (>= 0.3)
    shoulda (2.11.3)
    test-construct (1.2.0)

PLATFORMS
  ruby

DEPENDENCIES
  machinist
  mocha
  rspec (~> 2.0.0)
  ruby-debug
  shoulda
  test-construct
