PATH
  remote: .
  specs:
    tack (1.3.6)
      facter
      forkoff

GEM
  remote: http://rubygems.org/
  specs:
    diff-lcs (1.1.2)
    facter (4.2.2)
      hocon (~> 1.3)
      thor (>= 1.0.1, < 2.0)
    forkoff (1.1.1)
    hocon (1.3.1)
    machinist (1.0.6)
    mocha (0.9.10)
      rake
    rake (0.8.7)
    rspec (2.6.0)
      rspec-core (~> 2.6.0)
      rspec-expectations (~> 2.6.0)
      rspec-mocks (~> 2.6.0)
    rspec-core (2.6.3)
    rspec-expectations (2.6.0)
      diff-lcs (~> 1.1.2)
    rspec-mocks (2.6.0)
    shoulda (2.11.3)
    test-construct (1.2.0)
    thor (1.1.0)

PLATFORMS
  ruby

DEPENDENCIES
  machinist
  mocha
  rake
  rspec
  shoulda
  tack!
  test-construct
